GEM
  remote: https://rubygems.org/
  specs:
    activemodel (4.2.7.1)
      activesupport (= 4.2.7.1)
      builder (~> 3.1)
    activerecord (4.2.7.1)
      activemodel (= 4.2.7.1)
      activesupport (= 4.2.7.1)
      arel (~> 6.0)
    activerecord-utils (0.4.0)
      activerecord
      logutils
    activesupport (4.2.7.1)
      i18n (~> 0.7)
      json (~> 1.7, >= 1.7.7)
      minitest (~> 5.1)
      thread_safe (~> 0.3, >= 0.3.4)
      tzinfo (~> 1.1)
    arel (6.0.4)
    builder (3.2.3)
    datafile (0.2.5)
      fetcher
      logutils
      textutils
    fetcher (0.4.5)
      logutils (>= 0.6)
    gli (2.14.0)
    i18n (0.7.0)
    json (1.8.6)
    logutils (0.6.1)
    logutils-activerecord (0.2.1)
      activerecord
      logutils (>= 0.6.1)
    minitest (5.10.1)
    persondb-models (0.5.0)
      worlddb-models
    props (1.1.2)
    props-activerecord (0.1.0)
      activerecord
      props (>= 1.1.2)
    rubyzip (1.2.0)
    sportdb (1.11.0)
      datafile (>= 0.1.1)
      fetcher (>= 0.4.4)
      gli (>= 2.12.2)
      sportdb-models (>= 1.10.1)
      sportdb-service
      sportdb-update
      sqlite3
    sportdb-models (1.16.2)
      persondb-models (>= 0.4.2)
      worlddb-models (>= 2.1.0)
    sportdb-service (0.4.0)
    sportdb-update (0.1.1)
    sqlite3 (1.3.13)
    tagutils (0.3.0)
      activerecord
      logutils (>= 0.6.1)
      props (>= 1.1.2)
      textutils (>= 0.10.0)
    textutils (1.4.0)
      activesupport
      logutils (>= 0.6.1)
      props (>= 1.1.2)
      rubyzip (>= 1.0.0)
    thread_safe (0.3.5)
    tzinfo (1.2.2)
      thread_safe (~> 0.1)
    worlddb-models (2.3.4)
      activerecord
      activerecord-utils (>= 0.2.0)
      logutils (>= 0.6.1)
      logutils-activerecord (>= 0.2.0)
      props (>= 1.1.2)
      props-activerecord (>= 0.1.0)
      rubyzip
      tagutils (>= 0.3.0)
      textutils (>= 1.3.1)

PLATFORMS
  ruby

DEPENDENCIES
  activerecord (= 4.2.7.1)
  sportdb

BUNDLED WITH
   1.13.7
